GEM
  remote: http://rubygems.org/
  specs:
    activemodel (3.2.13)
      activesupport (= 3.2.13)
      builder (~> 3.0.0)
    activesupport (3.2.13)
      i18n (= 0.6.1)
      multi_json (~> 1.0)
    bson (1.8.5)
    builder (3.0.4)
    daemons (1.1.9)
    eventmachine (0.12.10)
    haml (4.0.2)
      tilt
    i18n (0.6.1)
    json (1.8.1)
    mongo (1.8.5)
      bson (~> 1.8.5)
    mongoid (3.1.3)
      activemodel (~> 3.2)
      moped (~> 1.4.2)
      origin (~> 1.0)
      tzinfo (~> 0.3.22)
    moped (1.4.5)
    multi_json (1.7.2)
    nokogiri (1.5.9)
    origin (1.1.0)
    rack (1.5.2)
    rack-protection (1.5.0)
      rack
    sinatra (1.4.2)
      rack (~> 1.5, >= 1.5.2)
      rack-protection (~> 1.4)
      tilt (~> 1.3, >= 1.3.4)
    slack-post (0.3.2)
      yajl-ruby
    thin (1.4.1)
      daemons (>= 1.0.9)
      eventmachine (>= 0.12.6)
      rack (>= 1.0.0)
    tilt (1.4.0)
    tzinfo (0.3.37)
    yajl-ruby (1.2.1)

PLATFORMS
  ruby

DEPENDENCIES
  haml
  json
  mongo
  mongoid
  nokogiri
  sinatra
  slack-post (>= 0.3.2)
  thin
